PATH
  remote: .
  specs:
    hermes-rb (0.10.0)
      activerecord (>= 5)
      activesupport (>= 5)
      dry-container (~> 0)
      dry-struct (~> 1)
      hutch (~> 1.0)
      request_store (~> 1)

GEM
  remote: https://rubygems.org/
  specs:
    activemodel (7.1.1)
      activesupport (= 7.1.1)
    activerecord (7.1.1)
      activemodel (= 7.1.1)
      activesupport (= 7.1.1)
      timeout (>= 0.4.0)
    activesupport (7.1.1)
      base64
      bigdecimal
      concurrent-ruby (~> 1.0, >= 1.0.2)
      connection_pool (>= 2.2.5)
      drb
      i18n (>= 1.6, < 2)
      minitest (>= 5.1)
      mutex_m
      tzinfo (~> 2.0)
    amq-protocol (2.3.2)
    appraisal (2.4.1)
      bundler
      rake
      thor (>= 0.14.0)
    base64 (0.2.0)
    bigdecimal (3.1.4)
    bunny (2.22.0)
      amq-protocol (~> 2.3, >= 2.3.1)
      sorted_set (~> 1, >= 1.0.2)
    carrot-top (0.0.7)
      json
    concurrent-ruby (1.2.2)
    connection_pool (2.4.1)
    diff-lcs (1.4.4)
    drb (2.2.0)
      ruby2_keywords
    dry-container (0.11.0)
      concurrent-ruby (~> 1.0)
    dry-core (1.0.0)
      concurrent-ruby (~> 1.0)
      zeitwerk (~> 2.6)
    dry-inflector (1.0.0)
    dry-logic (1.5.0)
      concurrent-ruby (~> 1.0)
      dry-core (~> 1.0, < 2)
      zeitwerk (~> 2.6)
    dry-struct (1.6.0)
      dry-core (~> 1.0, < 2)
      dry-types (>= 1.7, < 2)
      ice_nine (~> 0.11)
      zeitwerk (~> 2.6)
    dry-types (1.7.1)
      concurrent-ruby (~> 1.0)
      dry-core (~> 1.0)
      dry-inflector (~> 1.0)
      dry-logic (~> 1.4)
      zeitwerk (~> 2.6)
    hutch (1.2.0)
      activesupport (>= 4.2, < 8)
      bunny (>= 2.19, < 3.0)
      carrot-top (~> 0.0.7)
      multi_json (~> 1.15)
    i18n (1.14.1)
      concurrent-ruby (~> 1.0)
    ice_nine (0.11.2)
    json (2.6.3)
    minitest (5.20.0)
    multi_json (1.15.0)
    mutex_m (0.2.0)
    newrelic_rpm (6.15.0)
    pg (1.5.9)
    rack (3.0.8)
    rake (13.0.1)
    rbtree (0.4.6)
    request_store (1.5.1)
      rack (>= 1.4)
    rspec (3.10.0)
      rspec-core (~> 3.10.0)
      rspec-expectations (~> 3.10.0)
      rspec-mocks (~> 3.10.0)
    rspec-core (3.10.0)
      rspec-support (~> 3.10.0)
    rspec-expectations (3.10.0)
      diff-lcs (>= 1.2.0, < 2.0)
      rspec-support (~> 3.10.0)
    rspec-mocks (3.10.0)
      diff-lcs (>= 1.2.0, < 2.0)
      rspec-support (~> 3.10.0)
    rspec-support (3.10.0)
    ruby2_keywords (0.0.5)
    set (1.0.3)
    sorted_set (1.0.3)
      rbtree
      set (~> 1.0)
    thor (1.2.1)
    timecop (0.9.2)
    timeout (0.4.1)
    tzinfo (2.0.6)
      concurrent-ruby (~> 1.0)
    vcr (5.0.0)
    zeitwerk (2.6.12)

PLATFORMS
  ruby

DEPENDENCIES
  appraisal
  bundler
  hermes-rb!
  newrelic_rpm
  pg
  rake
  rspec
  timecop
  vcr

BUNDLED WITH
   2.4.3
