PATH
  remote: .
  specs:
    hermes-rb (0.7.0)
      activerecord (>= 5)
      activesupport (>= 5)
      dry-container (~> 0)
      dry-struct (~> 1)
      hutch (~> 1.0)
      request_store (~> 1)

GEM
  remote: https://rubygems.org/
  specs:
    activemodel (7.0.3)
      activesupport (= 7.0.3)
    activerecord (7.0.3)
      activemodel (= 7.0.3)
      activesupport (= 7.0.3)
    activesupport (7.0.3)
      concurrent-ruby (~> 1.0, >= 1.0.2)
      i18n (>= 1.6, < 2)
      minitest (>= 5.1)
      tzinfo (~> 2.0)
    amq-protocol (2.3.2)
    appraisal (2.4.1)
      bundler
      rake
      thor (>= 0.14.0)
    bunny (2.19.0)
      amq-protocol (~> 2.3, >= 2.3.1)
      sorted_set (~> 1, >= 1.0.2)
    carrot-top (0.0.7)
      json
    concurrent-ruby (1.1.10)
    ddtrace (0.45.0)
      msgpack
    diff-lcs (1.4.4)
    dry-configurable (0.15.0)
      concurrent-ruby (~> 1.0)
      dry-core (~> 0.6)
    dry-container (0.9.0)
      concurrent-ruby (~> 1.0)
      dry-configurable (~> 0.13, >= 0.13.0)
    dry-core (0.7.1)
      concurrent-ruby (~> 1.0)
    dry-inflector (0.2.1)
    dry-logic (1.2.0)
      concurrent-ruby (~> 1.0)
      dry-core (~> 0.5, >= 0.5)
    dry-struct (1.4.0)
      dry-core (~> 0.5, >= 0.5)
      dry-types (~> 1.5)
      ice_nine (~> 0.11)
    dry-types (1.5.1)
      concurrent-ruby (~> 1.0)
      dry-container (~> 0.3)
      dry-core (~> 0.5, >= 0.5)
      dry-inflector (~> 0.1, >= 0.1.2)
      dry-logic (~> 1.0, >= 1.0.2)
    hutch (1.1.1)
      activesupport (>= 4.2, < 8)
      bunny (>= 2.19, < 3.0)
      carrot-top (~> 0.0.7)
      multi_json (~> 1.15)
    i18n (1.10.0)
      concurrent-ruby (~> 1.0)
    ice_nine (0.11.2)
    json (2.6.2)
    minitest (5.15.0)
    msgpack (1.4.2)
    multi_json (1.15.0)
    newrelic_rpm (6.15.0)
    pg (1.2.3)
    rack (2.2.3.1)
    rake (13.0.1)
    rbtree (0.4.5)
    request_store (1.5.1)
      rack (>= 1.4)
    rspec (3.10.0)
      rspec-core (~> 3.10.0)
      rspec-expectations (~> 3.10.0)
      rspec-mocks (~> 3.10.0)
    rspec-core (3.10.0)
      rspec-support (~> 3.10.0)
    rspec-expectations (3.10.0)
      diff-lcs (>= 1.2.0, < 2.0)
      rspec-support (~> 3.10.0)
    rspec-mocks (3.10.0)
      diff-lcs (>= 1.2.0, < 2.0)
      rspec-support (~> 3.10.0)
    rspec-support (3.10.0)
    set (1.0.2)
    sorted_set (1.0.3)
      rbtree
      set (~> 1.0)
    thor (1.2.1)
    timecop (0.9.2)
    tzinfo (2.0.4)
      concurrent-ruby (~> 1.0)
    vcr (5.0.0)

PLATFORMS
  ruby

DEPENDENCIES
  appraisal
  bundler
  ddtrace
  hermes-rb!
  newrelic_rpm
  pg
  rake
  rspec
  timecop
  vcr

BUNDLED WITH
   2.2.22
